GIT
  remote: git://github.com/tcocca/acts_as_follower.git
  revision: c5ac7b9601c4af01eb4d9112330b27be4d694ecc
  branch: master
  specs:
    acts_as_follower (0.2.1)
      activerecord (>= 4.0)

GIT
  remote: https://github.com/jruby/activerecord-jdbc-adapter.git
  revision: 37c67328e1d53ce4e33671b65a0f43fac777524c
  branch: rails-5
  specs:
    activerecord-jdbc-adapter (5.0.pre1)
      activerecord (>= 2.2)
    activerecord-jdbcpostgresql-adapter (5.0.pre1)
      activerecord-jdbc-adapter (~> 5.0.pre1)
      jdbc-postgres (>= 9.1)
    activerecord-jdbcsqlite3-adapter (5.0.pre1)
      activerecord-jdbc-adapter (~> 5.0.pre1)
      jdbc-sqlite3 (>= 3.7.2, < 3.9)
    jdbc-postgres (9.3.1102)
    jdbc-sqlite3 (3.7.2.1)

GEM
  remote: https://rubygems.org/
  specs:
    actioncable (5.1.2)
      actionpack (= 5.1.2)
      nio4r (~> 2.0)
      websocket-driver (~> 0.6.1)
    actionmailer (5.1.2)
      actionpack (= 5.1.2)
      actionview (= 5.1.2)
      activejob (= 5.1.2)
      mail (~> 2.5, >= 2.5.4)
      rails-dom-testing (~> 2.0)
    actionpack (5.1.2)
      actionview (= 5.1.2)
      activesupport (= 5.1.2)
      rack (~> 2.0)
      rack-test (~> 0.6.3)
      rails-dom-testing (~> 2.0)
      rails-html-sanitizer (~> 1.0, >= 1.0.2)
    actionview (5.1.2)
      activesupport (= 5.1.2)
      builder (~> 3.1)
      erubi (~> 1.4)
      rails-dom-testing (~> 2.0)
      rails-html-sanitizer (~> 1.0, >= 1.0.3)
    active_model_serializers (0.10.6)
      actionpack (>= 4.1, < 6)
      activemodel (>= 4.1, < 6)
      case_transform (>= 0.2)
      jsonapi-renderer (>= 0.1.1.beta1, < 0.2)
    activejob (5.1.2)
      activesupport (= 5.1.2)
      globalid (>= 0.3.6)
    activemodel (5.1.2)
      activesupport (= 5.1.2)
    activerecord (5.1.2)
      activemodel (= 5.1.2)
      activesupport (= 5.1.2)
      arel (~> 8.0)
    activerecord-oracle_enhanced-adapter (1.8.1)
      activerecord (~> 5.1.0)
      arel (~> 8.0)
      ruby-plsql (>= 0.6.0)
    activesupport (5.1.2)
      concurrent-ruby (~> 1.0, >= 1.0.2)
      i18n (~> 0.7)
      minitest (~> 5.1)
      tzinfo (~> 1.1)
    activity_notification (1.4.2)
      i18n (>= 0.5.0)
      jquery-rails (>= 3.1.1)
      railties (>= 4.2.0, < 5.2)
    acts_as_list (0.9.7)
      activerecord (>= 3.0)
    arel (8.0.0)
    attr_encrypted (3.0.3)
      encryptor (~> 3.0.0)
    autoprefixer-rails (7.1.2.6)
      execjs
    bcrypt (3.1.11)
    bcrypt (3.1.11-java)
    bcrypt (3.1.11-x86-mingw32)
    best_in_place (3.1.1)
      actionpack (>= 3.2)
      railties (>= 3.2)
    better_errors (2.3.0)
      coderay (>= 1.0.0)
      erubi (>= 1.0.0)
      rack (>= 0.9.0)
    bindex (0.5.0)
    bootstrap-sass (3.3.7)
      autoprefixer-rails (>= 5.2.1)
      sass (>= 3.3.4)
    builder (3.2.3)
    cancancan (2.0.0)
    carrierwave (1.1.0)
      activemodel (>= 4.0.0)
      activesupport (>= 4.0.0)
      mime-types (>= 1.16)
    case_transform (0.2)
      activesupport
    chronic (0.10.2)
    climate_control (0.2.0)
    closure_tree (6.6.0)
      activerecord (>= 4.1.0)
      with_advisory_lock (>= 3.0.0)
    cocaine (0.5.8)
      climate_control (>= 0.0.3, < 1.0)
    codemirror-rails (5.16.0)
      railties (>= 3.0, < 6.0)
    coderay (1.1.1)
    coffee-rails (4.2.2)
      coffee-script (>= 2.2.0)
      railties (>= 4.0.0)
    coffee-script (2.4.1)
      coffee-script-source
      execjs
    coffee-script-source (1.8.0)
    concurrent-ruby (1.0.5)
    concurrent-ruby (1.0.5-java)
    devise (4.3.0)
      bcrypt (~> 3.0)
      orm_adapter (~> 0.1)
      railties (>= 4.1.0, < 5.2)
      responders
      warden (~> 1.2.3)
    devise-two-factor (3.0.0)
      activesupport
      attr_encrypted (>= 1.3, < 4, != 2)
      devise (~> 4.0)
      railties
      rotp (~> 2.0)
    devise_ldap_authenticatable (0.8.5)
      devise (>= 3.4.1)
      net-ldap (>= 0.6.0, <= 0.11)
    dropzonejs-rails (0.8.1)
      rails (> 3.1)
    elasticsearch (5.0.4)
      elasticsearch-api (= 5.0.4)
      elasticsearch-transport (= 5.0.4)
    elasticsearch-api (5.0.4)
      multi_json
    elasticsearch-model (5.0.1)
      activesupport (> 3)
      elasticsearch (~> 5)
      hashie
    elasticsearch-rails (5.0.1)
    elasticsearch-transport (5.0.4)
      faraday
      multi_json
    encryptor (3.0.0)
    erubi (1.6.1)
    execjs (2.7.0)
    faraday (0.13.0)
      multipart-post (>= 1.2, < 3)
    ffi (1.9.18)
    ffi (1.9.18-java)
    ffi (1.9.18-x86-mingw32)
    font-awesome-rails (4.7.0.2)
      railties (>= 3.2, < 5.2)
    geonames (0.3.3)
    globalid (0.4.0)
      activesupport (>= 4.2.0)
    hashie (3.5.6)
    htmlentities (4.3.4)
    i18n (0.8.6)
    interactor (3.1.0)
    jbuilder (2.7.0)
      activesupport (>= 4.2.0)
      multi_json (>= 1.2)
    jqgrid_for_rails (1.0.2)
      will_paginate
    jquery-datatables-rails (3.4.0)
      actionpack (>= 3.1)
      jquery-rails
      railties (>= 3.1)
      sass-rails
    jquery-infinite-pages (0.2.0)
      coffee-script
      jquery-rails
      railties (>= 3.1)
    jquery-rails (4.3.1)
      rails-dom-testing (>= 1, < 3)
      railties (>= 4.2.0)
      thor (>= 0.14, < 2.0)
    jquery-ui-rails (6.0.1)
      railties (>= 3.2.16)
    jruby-rack (1.1.20)
    jsonapi-renderer (0.1.3)
    kaminari (1.0.1)
      activesupport (>= 4.1.0)
      kaminari-actionview (= 1.0.1)
      kaminari-activerecord (= 1.0.1)
      kaminari-core (= 1.0.1)
    kaminari-actionview (1.0.1)
      actionview
      kaminari-core (= 1.0.1)
    kaminari-activerecord (1.0.1)
      activerecord
      kaminari-core (= 1.0.1)
    kaminari-core (1.0.1)
    linguistics (2.1.0)
      loggability (~> 0.11)
    listen (3.1.5)
      rb-fsevent (~> 0.9, >= 0.9.4)
      rb-inotify (~> 0.9, >= 0.9.7)
      ruby_dep (~> 1.2)
    loggability (0.14.0)
    loofah (2.0.3)
      nokogiri (>= 1.5.9)
    mail (2.6.6)
      mime-types (>= 1.16, < 4)
    mailboxer (0.15.1)
      carrierwave (>= 0.5.8)
      rails (>= 5.0.0)
    maxminddb (0.1.14)
    method_source (0.8.2)
    mime-types (3.1)
      mime-types-data (~> 3.2015)
    mime-types-data (3.2016.0521)
    mimemagic (0.3.2)
    mini_portile2 (2.2.0)
    minitest (5.10.3)
    money (6.9.0)
      i18n (>= 0.6.4, < 0.9)
    multi_json (1.12.1)
    multipart-post (2.0.0)
    net-ldap (0.11)
    nio4r (2.1.0)
    nio4r (2.1.0-java)
    nokogiri (1.8.0)
      mini_portile2 (~> 2.2.0)
    nokogiri (1.8.0-java)
    nokogiri (1.8.0-x86-mingw32)
      mini_portile2 (~> 2.2.0)
    opinions (0.0.1)
      redis
    orm_adapter (0.5.0)
    paperclip (5.1.0)
      activemodel (>= 4.2.0)
      activesupport (>= 4.2.0)
      cocaine (~> 0.5.5)
      mime-types
      mimemagic (~> 0.3.0)
    pg (0.21.0)
    pg (0.21.0-x86-mingw32)
    polyamorous (1.3.1)
      activerecord (>= 3.0)
    public_activity (1.5.0)
      actionpack (>= 3.0.0)
      activerecord (>= 3.0)
      i18n (>= 0.5.0)
      railties (>= 3.0.0)
    puma (3.9.1)
    puma (3.9.1-java)
    rack (2.0.3)
    rack-test (0.6.3)
      rack (>= 1.0)
    rails (5.1.2)
      actioncable (= 5.1.2)
      actionmailer (= 5.1.2)
      actionpack (= 5.1.2)
      actionview (= 5.1.2)
      activejob (= 5.1.2)
      activemodel (= 5.1.2)
      activerecord (= 5.1.2)
      activesupport (= 5.1.2)
      bundler (>= 1.3.0, < 2.0)
      railties (= 5.1.2)
      sprockets-rails (>= 2.0.0)
    rails-dom-testing (2.0.3)
      activesupport (>= 4.2.0)
      nokogiri (>= 1.6)
    rails-html-sanitizer (1.0.3)
      loofah (~> 2.0)
    rails-jquery-tokeninput (0.2.6)
      jquery-rails (>= 2)
    rails_db (1.6.0)
      codemirror-rails
      kaminari
      rails (>= 3.1.0)
      ransack
      simple_form
      terminal-table
    rails_email_preview (2.0.4)
      rails (>= 4.2)
      request_store
      sass
      turbolinks
    rails_refactor (1.4.1)
    railties (5.1.2)
      actionpack (= 5.1.2)
      activesupport (= 5.1.2)
      method_source
      rake (>= 0.8.7)
      thor (>= 0.18.1, < 2.0)
    rake (12.0.0)
    ransack (1.8.3)
      actionpack (>= 3.0)
      activerecord (>= 3.0)
      activesupport (>= 3.0)
      i18n
      polyamorous (~> 1.3)
    rb-fsevent (0.10.2)
    rb-inotify (0.9.10)
      ffi (>= 0.5.0, < 2)
    redis (3.3.3)
    request_store (1.3.2)
    responders (2.4.0)
      actionpack (>= 4.2.0, < 5.3)
      railties (>= 4.2.0, < 5.3)
    rolify (5.1.0)
    rotp (2.1.2)
    ruby-plsql (0.6.0)
    ruby_dep (1.5.0)
    sass (3.5.1)
      sass-listen (~> 4.0.0)
    sass-listen (4.0.0)
      rb-fsevent (~> 0.9, >= 0.9.4)
      rb-inotify (~> 0.9, >= 0.9.7)
    sass-rails (5.0.6)
      railties (>= 4.0.0, < 6)
      sass (~> 3.1)
      sprockets (>= 2.8, < 4.0)
      sprockets-rails (>= 2.0, < 4.0)
      tilt (>= 1.1, < 3)
    searchkick (2.3.1)
      activemodel (>= 4.1)
      elasticsearch (>= 1)
      hashie
    simple_form (3.5.0)
      actionpack (> 4, < 5.2)
      activemodel (> 4, < 5.2)
    sprockets (3.7.1)
      concurrent-ruby (~> 1.0)
      rack (> 1, < 3)
    sprockets-rails (3.2.0)
      actionpack (>= 4.0)
      activesupport (>= 4.0)
      sprockets (>= 3.0.0)
    sqlite3 (1.3.13)
    terminal-table (1.8.0)
      unicode-display_width (~> 1.1, >= 1.1.1)
    thor (0.19.4)
    thread_safe (0.3.6)
    thread_safe (0.3.6-java)
    tilt (2.0.8)
    trinidad (1.4.6)
      jruby-rack (~> 1.1.13)
      trinidad_jars (>= 1.3.0, < 1.5.0)
    trinidad_jars (1.4.2)
    troupe (0.1.0)
      interactor (~> 3.1)
    truncate_html (0.9.3)
    turbolinks (5.0.1)
      turbolinks-source (~> 5)
    turbolinks-source (5.0.3)
    tzinfo (1.2.3)
      thread_safe (~> 0.1)
    tzinfo-data (1.2017.2)
      tzinfo (>= 1.0.0)
    uglifier (3.2.0)
      execjs (>= 0.3.0, < 3)
    unicode-display_width (1.3.0)
    verbs (2.1.4)
      activesupport (>= 2.3.4)
      i18n
    warden (1.2.7)
      rack (>= 1.0)
    web-console (3.5.1)
      actionview (>= 5.0)
      activemodel (>= 5.0)
      bindex (>= 0.4.0)
      railties (>= 5.0)
    websocket-driver (0.6.5)
      websocket-extensions (>= 0.1.0)
    websocket-driver (0.6.5-java)
      websocket-extensions (>= 0.1.0)
    websocket-extensions (0.1.2)
    whenever (0.9.7)
      chronic (>= 0.6.3)
    wicked_pdf (1.1.0)
    will_paginate (3.1.6)
    with_advisory_lock (3.1.0)
      activerecord (>= 3.2)
      thread_safe
    wkhtmltopdf-binary (0.12.3.1)

PLATFORMS
  java
  ruby
  x86-mingw32

DEPENDENCIES
  active_model_serializers
  activerecord
  activerecord-jdbc-adapter
  activerecord-jdbcpostgresql-adapter
  activerecord-jdbcsqlite3-adapter!
  activerecord-oracle_enhanced-adapter
  activity_notification
  acts_as_follower!
  acts_as_list
  best_in_place
  better_errors
  bootstrap-sass
  cancancan
  closure_tree
  coffee-rails (~> 4.2)
  coffee-script-source (= 1.8.0)
  devise
  devise-two-factor
  devise_ldap_authenticatable
  dropzonejs-rails
  elasticsearch-model
  elasticsearch-rails
  execjs
  font-awesome-rails
  geonames
  htmlentities
  jbuilder
  jdbc-sqlite3
  jqgrid_for_rails (~> 1.0, >= 1.0.2)
  jquery-datatables-rails
  jquery-infinite-pages
  jquery-rails
  jquery-ui-rails
  linguistics
  listen
  mail
  mailboxer
  maxminddb
  money
  opinions
  paperclip
  pg
  public_activity
  puma
  rails
  rails-jquery-tokeninput
  rails_db
  rails_email_preview
  rails_refactor
  redis
  rolify
  ruby_dep
  sass-rails (~> 5.0)
  searchkick
  simple_form
  sqlite3
  trinidad
  troupe
  truncate_html
  turbolinks
  tzinfo-data
  uglifier (>= 1.3.0)
  verbs
  web-console
  whenever
  wicked_pdf
  will_paginate
  wkhtmltopdf-binary

BUNDLED WITH
   1.15.3
